GEM
  specs:
    minitest (4.3.2)

PLATFORMS
  ruby

DEPENDENCIES
  minitest
